GEM
  remote: https://rubygems.org/
  specs:
    sqlite3 (1.4.2)

PLATFORMS
  -darwin-21

DEPENDENCIES
  sqlite3

BUNDLED WITH
   2.3.13
